PATH
  remote: .
  specs:
    imbox-fluentd-transformer (1.0)
      fluentd

GEM
  remote: http://rubygems.org/
  specs:
    concurrent-ruby (1.2.2)
    cool.io (1.7.1)
    fluentd (1.16.1)
      bundler
      cool.io (>= 1.4.5, < 2.0.0)
      http_parser.rb (>= 0.5.1, < 0.9.0)
      msgpack (>= 1.3.1, < 2.0.0)
      serverengine (>= 2.3.2, < 3.0.0)
      sigdump (~> 0.2.2)
      strptime (>= 0.2.4, < 1.0.0)
      tzinfo (>= 1.0, < 3.0)
      tzinfo-data (~> 1.0)
      webrick (~> 1.4)
      yajl-ruby (~> 1.0)
    http_parser.rb (0.8.0)
    io-console (0.5.8)
    irb (1.3.4)
      reline (>= 0.1.5)
    msgpack (1.7.0)
    power_assert (2.0.0)
    rake (13.0.3)
    reline (0.2.4)
      io-console (~> 0.5)
    serverengine (2.3.2)
      sigdump (~> 0.2.2)
    sigdump (0.2.4)
    strptime (0.2.5)
    test-unit (3.4.0)
      power_assert
    tzinfo (2.0.6)
      concurrent-ruby (~> 1.0)
    tzinfo-data (1.2023.3)
      tzinfo (>= 1.0.0)
    webrick (1.8.1)
    yajl-ruby (1.4.3)

PLATFORMS
  x86_64-linux

DEPENDENCIES
  imbox-fluentd-transformer!
  irb
  rake
  test-unit

BUNDLED WITH
   2.2.12
